GEM
  remote: https://rubygems.org/
  specs:
    redcarpet (3.5.0)

PLATFORMS
  ruby

DEPENDENCIES
  redcarpet

BUNDLED WITH
   2.1.4
